PATH
  remote: .
  specs:
    rulers (0.0.2)
      rack

GEM
  remote: https://rubygems.org/
  specs:
    kgio (2.11.2)
    power_assert (1.1.5)
    rack (2.0.7)
    rack-test (1.1.0)
      rack (>= 1.0, < 3)
    raindrops (0.19.0)
    rake (10.5.0)
    test-unit (3.3.4)
      power_assert
    unicorn (5.5.2)
      kgio (~> 2.6)
      raindrops (~> 0.7)

PLATFORMS
  ruby

DEPENDENCIES
  bundler (~> 2.0)
  rack-test
  rake (~> 10.0)
  rulers!
  test-unit
  unicorn

BUNDLED WITH
   2.0.2
